GEM
  specs:
    addressable (2.4.0)
    coderay (1.0.9)
    diff-lcs (1.2.5)
    faraday (0.9.2)
      multipart-post (>= 1.2, < 3)
    gitlab (3.7.0)
      httparty (~> 0.13.0)
      terminal-table
    httparty (0.13.7)
      json (~> 1.8)
      multi_xml (>= 0.5.2)
    json (1.8.3)
    metaclass (0.0.4)
    method_source (0.8.2)
    mocha (1.1.0)
      metaclass (~> 0.0.1)
    multi_xml (0.5.5)
    multipart-post (2.0.0)
    octokit (4.3.0)
      sawyer (~> 0.7.0, >= 0.5.3)
    pronto (0.7.1)
      gitlab (~> 3.6, >= 3.4.0)
      httparty (~> 0.13.7)
      octokit (~> 4.3, >= 4.1.0)
      rainbow (~> 2.1)
      rugged (~> 0.24, >= 0.23.0)
      thor (~> 0.19.0)
    pry (0.9.12.2)
      coderay (~> 1.0.5)
      method_source (~> 0.8)
      slop (~> 3.4)
    rainbow (2.1.0)
    rspec (2.99.0)
      rspec-core (~> 2.99.0)
      rspec-expectations (~> 2.99.0)
      rspec-mocks (~> 2.99.0)
    rspec-core (2.99.2)
    rspec-expectations (2.99.2)
      diff-lcs (>= 1.1.3, < 2.0)
    rspec-mocks (2.99.3)
    rugged (0.24.0)
    sawyer (0.7.0)
      addressable (>= 2.3.5, < 2.5)
      faraday (~> 0.8, < 0.10)
    slop (3.6.0)
    terminal-table (1.7.2)
      unicode-display_width (~> 1.1.1)
    thor (0.19.4)
    unicode-display_width (1.1.1)

PLATFORMS
  ruby

DEPENDENCIES
  mocha (= 1.1.0)
  pronto
  pry
  rspec
  rspec-core

BUNDLED WITH
   1.10.6
